GEM
  remote: https://rubygems.org/
  specs:
    actioncable (6.0.3.6)
      actionpack (= 6.0.3.6)
      nio4r (~> 2.0)
      websocket-driver (>= 0.6.1)
    actionmailbox (6.0.3.6)
      actionpack (= 6.0.3.6)
      activejob (= 6.0.3.6)
      activerecord (= 6.0.3.6)
      activestorage (= 6.0.3.6)
      activesupport (= 6.0.3.6)
      mail (>= 2.7.1)
    actionmailer (6.0.3.6)
      actionpack (= 6.0.3.6)
      actionview (= 6.0.3.6)
      activejob (= 6.0.3.6)
      mail (~> 2.5, >= 2.5.4)
      rails-dom-testing (~> 2.0)
    actionpack (6.0.3.6)
      actionview (= 6.0.3.6)
      activesupport (= 6.0.3.6)
      rack (~> 2.0, >= 2.0.8)
      rack-test (>= 0.6.3)
      rails-dom-testing (~> 2.0)
      rails-html-sanitizer (~> 1.0, >= 1.2.0)
    actiontext (6.0.3.6)
      actionpack (= 6.0.3.6)
      activerecord (= 6.0.3.6)
      activestorage (= 6.0.3.6)
      activesupport (= 6.0.3.6)
      nokogiri (>= 1.8.5)
    actionview (6.0.3.6)
      activesupport (= 6.0.3.6)
      builder (~> 3.1)
      erubi (~> 1.4)
      rails-dom-testing (~> 2.0)
      rails-html-sanitizer (~> 1.1, >= 1.2.0)
    activejob (6.0.3.6)
      activesupport (= 6.0.3.6)
      globalid (>= 0.3.6)
    activemodel (6.0.3.6)
      activesupport (= 6.0.3.6)
    activerecord (6.0.3.6)
      activemodel (= 6.0.3.6)
      activesupport (= 6.0.3.6)
    activestorage (6.0.3.6)
      actionpack (= 6.0.3.6)
      activejob (= 6.0.3.6)
      activerecord (= 6.0.3.6)
      marcel (~> 1.0.0)
    activesupport (6.0.3.6)
      concurrent-ruby (~> 1.0, >= 1.0.2)
      i18n (>= 0.7, < 2)
      minitest (~> 5.1)
      tzinfo (~> 1.1)
      zeitwerk (~> 2.2, >= 2.2.2)
    addressable (2.7.0)
      public_suffix (>= 2.0.2, < 5.0)
    ast (2.4.2)
    autoprefixer-rails (10.2.4.0)
      execjs
    bcrypt (3.1.16)
    bindex (0.8.1)
    bootsnap (1.7.3)
      msgpack (~> 1.0)
    bootstrap (4.6.0)
      autoprefixer-rails (>= 9.1.0)
      popper_js (>= 1.14.3, < 2)
      sassc-rails (>= 2.0.0)
    builder (3.2.4)
    capybara (3.35.3)
      addressable
      mini_mime (>= 0.1.3)
      nokogiri (~> 1.8)
      rack (>= 1.6.0)
      rack-test (>= 0.6.3)
      regexp_parser (>= 1.5, < 3.0)
      xpath (~> 3.2)
    coderay (1.1.3)
    concurrent-ruby (1.1.8)
    countries (3.1.0)
      i18n_data (~> 0.11.0)
      sixarm_ruby_unaccent (~> 1.1)
      unicode_utils (~> 1.4)
    crass (1.0.6)
    devise (4.7.3)
      bcrypt (~> 3.0)
      orm_adapter (~> 0.1)
      railties (>= 4.1.0)
      responders
      warden (~> 1.2.3)
    erubi (1.10.0)
    execjs (2.7.0)
    ffi (1.15.0)
    globalid (0.4.2)
      activesupport (>= 4.2.0)
    honeybadger (4.8.0)
    i18n (1.8.10)
      concurrent-ruby (~> 1.0)
    i18n_data (0.11.0)
    listen (3.5.1)
      rb-fsevent (~> 0.10, >= 0.10.3)
      rb-inotify (~> 0.9, >= 0.9.10)
    loofah (2.9.0)
      crass (~> 1.0.2)
      nokogiri (>= 1.5.9)
    lz4-ruby (0.3.3)
    mail (2.7.1)
      mini_mime (>= 0.1.1)
    marcel (1.0.1)
    method_source (1.0.0)
    mini_mime (1.0.3)
    mini_portile2 (2.8.0)
    minitest (5.14.4)
    mocha (1.12.0)
    motion (0.5.0)
      lz4-ruby (>= 0.3.3)
      nokogiri
      rails (>= 5.1)
    msgpack (1.4.2)
    nio4r (2.5.7)
    nokogiri (1.13.3)
      mini_portile2 (~> 2.8.0)
      racc (~> 1.4)
    nokogiri (1.13.3-x86_64-darwin)
      racc (~> 1.4)
    orm_adapter (0.5.0)
    parallel (1.20.1)
    parser (3.0.0.0)
      ast (~> 2.4.1)
    pg (1.2.3)
    popper_js (1.16.0)
    pry (0.14.0)
      coderay (~> 1.1)
      method_source (~> 1.0)
    pry-rails (0.3.9)
      pry (>= 0.10.4)
    public_suffix (4.0.6)
    puma (4.3.7)
      nio4r (~> 2.0)
    racc (1.6.0)
    rack (2.2.3)
    rack-proxy (0.6.5)
      rack
    rack-test (1.1.0)
      rack (>= 1.0, < 3)
    rails (6.0.3.6)
      actioncable (= 6.0.3.6)
      actionmailbox (= 6.0.3.6)
      actionmailer (= 6.0.3.6)
      actionpack (= 6.0.3.6)
      actiontext (= 6.0.3.6)
      actionview (= 6.0.3.6)
      activejob (= 6.0.3.6)
      activemodel (= 6.0.3.6)
      activerecord (= 6.0.3.6)
      activestorage (= 6.0.3.6)
      activesupport (= 6.0.3.6)
      bundler (>= 1.3.0)
      railties (= 6.0.3.6)
      sprockets-rails (>= 2.0.0)
    rails-dom-testing (2.0.3)
      activesupport (>= 4.2.0)
      nokogiri (>= 1.6)
    rails-html-sanitizer (1.3.0)
      loofah (~> 2.3)
    railties (6.0.3.6)
      actionpack (= 6.0.3.6)
      activesupport (= 6.0.3.6)
      method_source
      rake (>= 0.8.7)
      thor (>= 0.20.3, < 2.0)
    rainbow (3.0.0)
    rake (13.0.3)
    rb-fsevent (0.10.4)
    rb-inotify (0.10.1)
      ffi (~> 1.0)
    redis (4.2.5)
    regexp_parser (2.1.1)
    responders (3.0.1)
      actionpack (>= 5.0)
      railties (>= 5.0)
    rexml (3.2.4)
    rubocop (1.11.0)
      parallel (~> 1.10)
      parser (>= 3.0.0.0)
      rainbow (>= 2.2.2, < 4.0)
      regexp_parser (>= 1.8, < 3.0)
      rexml
      rubocop-ast (>= 1.2.0, < 2.0)
      ruby-progressbar (~> 1.7)
      unicode-display_width (>= 1.4.0, < 3.0)
    rubocop-ast (1.4.1)
      parser (>= 2.7.1.5)
    rubocop-performance (1.10.1)
      rubocop (>= 0.90.0, < 2.0)
      rubocop-ast (>= 0.4.0)
    ruby-progressbar (1.11.0)
    sass-rails (6.0.0)
      sassc-rails (~> 2.1, >= 2.1.1)
    sassc (2.4.0)
      ffi (~> 1.9)
    sassc-rails (2.1.2)
      railties (>= 4.0.0)
      sassc (>= 2.0)
      sprockets (> 3.0)
      sprockets-rails
      tilt
    sixarm_ruby_unaccent (1.2.0)
    spring (2.1.1)
    spring-watcher-listen (2.0.1)
      listen (>= 2.7, < 4.0)
      spring (>= 1.2, < 3.0)
    sprockets (4.0.2)
      concurrent-ruby (~> 1.0)
      rack (> 1, < 3)
    sprockets-rails (3.2.2)
      actionpack (>= 4.0)
      activesupport (>= 4.0)
      sprockets (>= 3.0.0)
    sqlite3 (1.4.2)
    standard (1.0.4)
      rubocop (= 1.11.0)
      rubocop-performance (= 1.10.1)
    thor (1.1.0)
    thread_safe (0.3.6)
    tilt (2.0.10)
    turbolinks (5.2.1)
      turbolinks-source (~> 5.2)
    turbolinks-source (5.2.0)
    tzinfo (1.2.9)
      thread_safe (~> 0.1)
    unicode-display_width (2.0.0)
    unicode_utils (1.4.0)
    view_component (2.28.0)
      activesupport (>= 5.0.0, < 7.0)
    warden (1.2.9)
      rack (>= 2.0.9)
    web-console (4.1.0)
      actionview (>= 6.0.0)
      activemodel (>= 6.0.0)
      bindex (>= 0.4.0)
      railties (>= 6.0.0)
    webpacker (4.3.0)
      activesupport (>= 4.2)
      rack-proxy (>= 0.6.1)
      railties (>= 4.2)
    websocket-driver (0.7.3)
      websocket-extensions (>= 0.1.0)
    websocket-extensions (0.1.5)
    xpath (3.2.0)
      nokogiri (~> 1.8)
    zeitwerk (2.4.2)

PLATFORMS
  ruby
  x86_64-darwin-19
  x86_64-darwin-20

DEPENDENCIES
  bootsnap (>= 1.4.2)
  bootstrap (~> 4.5)
  capybara
  countries
  devise
  honeybadger
  listen (~> 3.2)
  mocha
  motion
  pg
  pry-rails
  puma (~> 4.1)
  rails (~> 6.0.3, >= 6.0.3.1)
  redis (~> 4.0)
  sass-rails (>= 6)
  spring
  spring-watcher-listen (~> 2.0.0)
  sqlite3 (~> 1.4)
  standard
  turbolinks (~> 5)
  view_component
  web-console (>= 3.3.0)
  webpacker (~> 4.0)

RUBY VERSION
   ruby 2.7.2p137

BUNDLED WITH
   2.2.14
